STORAGE: NONE
RESTRICTION: || (== net7.0) (== netstandard2.0)
NUGET
  remote: https://api.nuget.org/v3/index.json
    Elmish.SweetAlert (3.4)
      Fable.Core (>= 3.1.3)
      Fable.Elmish (>= 3.0)
      FSharp.Core (>= 4.7.2)
    Elmish.Toastr (2.1)
      Fable.Core (>= 3.0)
      Fable.Elmish (>= 3.0)
      FSharp.Core (>= 4.6.2)
    Expecto (9.0.4)
      FSharp.Core (>= 4.6)
      Mono.Cecil (>= 0.11.3)
    Fable.Browser.Blob (1.3)
      Fable.Core (>= 3.0)
      FSharp.Core (>= 4.7.2)
    Fable.Browser.Dom (2.14)
      Fable.Browser.Blob (>= 1.3)
      Fable.Browser.Event (>= 1.5)
      Fable.Browser.WebStorage (>= 1.2)
      Fable.Core (>= 3.2.8)
      FSharp.Core (>= 4.7.2)
    Fable.Browser.Event (1.5)
      Fable.Browser.Gamepad (>= 1.1)
      Fable.Core (>= 3.0)
      FSharp.Core (>= 4.7.2)
    Fable.Browser.Gamepad (1.2)
      Fable.Core (>= 3.0)
      FSharp.Core (>= 4.7.2)
    Fable.Browser.WebSocket (1.3)
      Fable.Browser.Event (>= 1.5)
      Fable.Core (>= 3.0)
      FSharp.Core (>= 4.7.2)
    Fable.Browser.WebStorage (1.2)
      Fable.Browser.Event (>= 1.5)
      Fable.Core (>= 3.0)
      FSharp.Core (>= 4.7.2)
    Fable.Browser.XMLHttpRequest (1.3)
      Fable.Browser.Blob (>= 1.3)
      Fable.Browser.Event (>= 1.5)
      Fable.Core (>= 3.0)
      FSharp.Core (>= 4.7.2)
    Fable.Core (3.7.1)
    Fable.Elmish (3.1)
      Fable.Core (>= 3.0)
      FSharp.Core (>= 4.6.2)
    Fable.Elmish.Browser (3.0.5)
      Fable.Browser.Dom (>= 1.0)
      Fable.Core (>= 3.0)
      Fable.Elmish (>= 3.0)
      FSharp.Core (>= 4.6.2)
    Fable.Elmish.Debugger (3.3)
      Fable.Core (>= 3.2.8)
      Fable.Elmish (>= 3.0)
      FSharp.Core (>= 4.7.2)
      Thoth.Json (>= 6.0)
    Fable.Elmish.HMR (5.2)
      Fable.Core (>= 3.0)
      Fable.Elmish.Browser (>= 3.0.4)
      Fable.Elmish.React (>= 3.0.1)
      FSharp.Core (>= 4.7.2)
    Fable.Elmish.React (3.0.1)
      Fable.Core (>= 3.0)
      Fable.Elmish (>= 3.0)
      Fable.React (>= 5.1)
      FSharp.Core (>= 4.6.2)
    Fable.Fetch (2.6)
      Fable.Browser.Blob (>= 1.2)
      Fable.Browser.Event (>= 1.5)
      Fable.Core (>= 3.7.1)
      Fable.Promise (>= 2.2.2)
      FSharp.Core (>= 4.7.2)
    Fable.FontAwesome (2.0)
      Fable.Core (>= 3.0)
      Fable.React (>= 5.1)
    Fable.FontAwesome.Free (2.1)
      Fable.Core (>= 3.0)
      Fable.FontAwesome (>= 2.0)
      Fable.React (>= 5.1)
    Fable.Mocha (2.16)
      Fable.Core (>= 3.0)
      FSharp.Core (>= 4.7)
    Fable.Parsimmon (4.1)
      Fable.Core (>= 3.0)
      FSharp.Core (>= 4.6.2)
    Fable.Promise (3.2)
      Fable.Core (>= 3.7.1)
      FSharp.Core (>= 4.7.2)
    Fable.React (8.0.1)
      Fable.Browser.Dom (>= 2.4.4)
      Fable.Core (>= 3.2.7)
      FSharp.Core (>= 4.7.2)
    Fable.React.Flatpickr (3.0)
      Fable.Core (>= 3.0)
      Fable.React (>= 5.1)
      FSharp.Core (>= 4.6.2)
    Fable.Reaction (3.5)
      Fable.Browser.Event (>= 1.2.1)
      Fable.Browser.WebSocket (>= 1.0.1)
      Fable.Core (>= 3.1.6)
      Fable.Fetch (>= 2.2)
      Fable.React (>= 6.2)
      FSharp.Control.AsyncRx (>= 1.6)
      FSharp.Core (>= 5.0)
    Fable.Remoting.Client (7.25)
      Fable.Browser.XMLHttpRequest (>= 1.0)
      Fable.Core (>= 3.1.5)
      Fable.Remoting.MsgPack (>= 1.18)
      Fable.SimpleJson (>= 3.24)
      FSharp.Core (>= 4.7.2)
    Fable.Remoting.Giraffe (5.14)
      Fable.Remoting.Server (>= 5.32) - restriction: || (== net7.0) (&& (== netstandard2.0) (>= net5.0))
      FSharp.Core (>= 6.0) - restriction: || (== net7.0) (&& (== netstandard2.0) (>= net5.0))
      Giraffe (>= 5.0) - restriction: || (== net7.0) (&& (== netstandard2.0) (>= net5.0))
      Microsoft.IO.RecyclableMemoryStream (>= 2.2) - restriction: || (== net7.0) (&& (== netstandard2.0) (>= net5.0))
    Fable.Remoting.Json (2.23) - restriction: || (== net7.0) (&& (== netstandard2.0) (>= net5.0))
      FSharp.Core (>= 6.0)
      Newtonsoft.Json (>= 12.0.2)
    Fable.Remoting.MsgPack (1.18)
      FSharp.Core (>= 4.7.2)
    Fable.Remoting.Server (5.32) - restriction: || (== net7.0) (&& (== netstandard2.0) (>= net5.0))
      Fable.Remoting.Json (>= 2.21)
      Fable.Remoting.MsgPack (>= 1.18)
      FSharp.Core (>= 6.0)
      Microsoft.IO.RecyclableMemoryStream (>= 2.2)
    Fable.SimpleJson (3.24)
      Fable.Core (>= 3.1.5)
      Fable.Parsimmon (>= 4.0)
      FSharp.Core (>= 4.7)
    FSharp.Control.AsyncRx (1.6.7)
      FSharp.Core (>= 6.0.6)
    FSharp.Control.Websockets (0.2.3) - restriction: || (== net7.0) (&& (== netstandard2.0) (>= net6.0))
      FSharp.Core (>= 6.0)
      Microsoft.IO.RecyclableMemoryStream (>= 2.2.1)
    FSharp.Core (7.0)
    FSharp.Data (5.0.2)
      FSharp.Core (>= 5.0.1)
    FsToolkit.ErrorHandling (4.3)
      FSharp.Core (>= 4.7.2) - restriction: || (&& (== net7.0) (< netstandard2.1)) (== netstandard2.0)
      FSharp.Core (>= 7.0) - restriction: || (== net7.0) (&& (== netstandard2.0) (>= netstandard2.1))
    Fulma (2.16)
      Fable.Core (>= 3.2.6)
      Fable.React (>= 7.4)
    GemBox.Spreadsheet (49.0.1244)
      HarfBuzzSharp (>= 2.8.2)
      Portable.BouncyCastle (>= 1.8.9)
      SkiaSharp (>= 2.80.3)
      System.Text.Encoding.CodePages (>= 5.0)
    Giraffe (6.0) - restriction: || (== net7.0) (&& (== netstandard2.0) (>= net6.0))
      FSharp.Core (>= 6.0.1) - restriction: || (== net7.0) (&& (== netstandard2.0) (>= net6.0))
      Giraffe.ViewEngine (>= 1.3) - restriction: || (== net7.0) (&& (== netstandard2.0) (>= net6.0))
      Microsoft.IO.RecyclableMemoryStream (>= 2.2) - restriction: || (== net7.0) (&& (== netstandard2.0) (>= net6.0))
      Newtonsoft.Json (>= 13.0.1) - restriction: || (== net7.0) (&& (== netstandard2.0) (>= net6.0))
      System.Text.Json (>= 6.0.2) - restriction: || (== net7.0) (&& (== netstandard2.0) (>= net6.0))
      Utf8Json (>= 1.3.7) - restriction: || (== net7.0) (&& (== netstandard2.0) (>= net6.0))
    Giraffe.ViewEngine (1.4) - restriction: || (== net7.0) (&& (== netstandard2.0) (>= net6.0))
      FSharp.Core (>= 5.0)
    HarfBuzzSharp (2.8.2.3)
      HarfBuzzSharp.NativeAssets.macOS (>= 2.8.2.3)
      HarfBuzzSharp.NativeAssets.Win32 (>= 2.8.2.3)
      System.Memory (>= 4.5.3) - restriction: || (&& (== net7.0) (>= net462)) (&& (== net7.0) (< netstandard2.0)) (&& (== net7.0) (< netstandard2.1)) (&& (== net7.0) (>= tizen4.0)) (&& (== net7.0) (>= uap10.1)) (== netstandard2.0)
    HarfBuzzSharp.NativeAssets.macOS (2.8.2.3)
    HarfBuzzSharp.NativeAssets.Win32 (2.8.2.3)
    LiteDB (5.0.15)
    Microsoft.AspNetCore.Authentication.Certificate (7.0.2)
      Microsoft.Extensions.Caching.Memory (>= 7.0) - restriction: || (== net7.0) (&& (== netstandard2.0) (>= net7.0))
    Microsoft.AspNetCore.Authentication.JwtBearer (7.0.2) - restriction: || (== net7.0) (&& (== netstandard2.0) (>= net6.0))
      Microsoft.IdentityModel.Protocols.OpenIdConnect (>= 6.15.1) - restriction: || (== net7.0) (&& (== netstandard2.0) (>= net7.0))
    Microsoft.CSharp (4.7) - restriction: || (== net7.0) (&& (== netstandard2.0) (>= net7.0))
    Microsoft.Extensions.Caching.Abstractions (7.0) - restriction: || (== net7.0) (&& (== netstandard2.0) (>= net7.0))
      Microsoft.Extensions.Primitives (>= 7.0)
    Microsoft.Extensions.Caching.Memory (7.0) - restriction: || (== net7.0) (&& (== netstandard2.0) (>= net7.0))
      Microsoft.Extensions.Caching.Abstractions (>= 7.0)
      Microsoft.Extensions.DependencyInjection.Abstractions (>= 7.0)
      Microsoft.Extensions.Logging.Abstractions (>= 7.0)
      Microsoft.Extensions.Options (>= 7.0)
      Microsoft.Extensions.Primitives (>= 7.0)
    Microsoft.Extensions.DependencyInjection.Abstractions (7.0) - restriction: || (== net7.0) (&& (== netstandard2.0) (>= net7.0))
    Microsoft.Extensions.Logging.Abstractions (7.0) - restriction: || (== net7.0) (&& (== netstandard2.0) (>= net7.0))
    Microsoft.Extensions.Options (7.0) - restriction: || (== net7.0) (&& (== netstandard2.0) (>= net7.0))
      Microsoft.Extensions.DependencyInjection.Abstractions (>= 7.0)
      Microsoft.Extensions.Primitives (>= 7.0)
    Microsoft.Extensions.Primitives (7.0) - restriction: || (== net7.0) (&& (== netstandard2.0) (>= net7.0))
    Microsoft.IdentityModel.Abstractions (6.26.1) - restriction: || (== net7.0) (&& (== netstandard2.0) (>= net7.0))
    Microsoft.IdentityModel.JsonWebTokens (6.26.1) - restriction: || (== net7.0) (&& (== netstandard2.0) (>= net7.0))
      Microsoft.IdentityModel.Tokens (>= 6.26.1)
      System.Text.Encoding (>= 4.3)
      System.Text.Encodings.Web (>= 4.7.2)
      System.Text.Json (>= 4.7.2)
    Microsoft.IdentityModel.Logging (6.26.1) - restriction: || (== net7.0) (&& (== netstandard2.0) (>= net7.0))
      Microsoft.IdentityModel.Abstractions (>= 6.26.1)
    Microsoft.IdentityModel.Protocols (6.26.1) - restriction: || (== net7.0) (&& (== netstandard2.0) (>= net7.0))
      Microsoft.IdentityModel.Logging (>= 6.26.1)
      Microsoft.IdentityModel.Tokens (>= 6.26.1)
    Microsoft.IdentityModel.Protocols.OpenIdConnect (6.26.1) - restriction: || (== net7.0) (&& (== netstandard2.0) (>= net7.0))
      Microsoft.IdentityModel.Protocols (>= 6.26.1)
      System.IdentityModel.Tokens.Jwt (>= 6.26.1)
    Microsoft.IdentityModel.Tokens (6.26.1) - restriction: || (== net7.0) (&& (== netstandard2.0) (>= net7.0))
      Microsoft.CSharp (>= 4.5)
      Microsoft.IdentityModel.Logging (>= 6.26.1)
      System.Security.Cryptography.Cng (>= 4.5)
    Microsoft.IO.RecyclableMemoryStream (2.3.1) - restriction: || (== net7.0) (&& (== netstandard2.0) (>= net5.0)) (&& (== netstandard2.0) (>= net6.0))
    Microsoft.NETCore.Platforms (7.0) - restriction: || (== net7.0) (&& (== netstandard2.0) (>= net7.0))
    Microsoft.NETCore.Targets (5.0) - restriction: || (== net7.0) (&& (== netstandard2.0) (>= net7.0))
    MinVer (4.3)
    Mono.Cecil (0.11.4)
    NewId (4.0.1)
    Newtonsoft.Json (13.0.2) - restriction: || (== net7.0) (&& (== netstandard2.0) (>= net6.0))
    Portable.BouncyCastle (1.9)
    Saturn (0.16.1)
      FSharp.Control.Websockets (>= 0.2.2) - restriction: || (== net7.0) (&& (== netstandard2.0) (>= net6.0))
      Giraffe (>= 6.0) - restriction: || (== net7.0) (&& (== netstandard2.0) (>= net6.0))
      Microsoft.AspNetCore.Authentication.JwtBearer (>= 6.0.3) - restriction: || (== net7.0) (&& (== netstandard2.0) (>= net6.0))
    SkiaSharp (2.88.3)
      SkiaSharp.NativeAssets.macOS (>= 2.88.3)
      SkiaSharp.NativeAssets.Win32 (>= 2.88.3)
      System.Memory (>= 4.5.3) - restriction: || (&& (== net7.0) (>= net462)) (&& (== net7.0) (< netstandard2.0)) (&& (== net7.0) (< netstandard2.1)) (&& (== net7.0) (>= tizen4.0)) (&& (== net7.0) (>= uap10.1)) (== netstandard2.0)
    SkiaSharp.NativeAssets.macOS (2.88.3)
    SkiaSharp.NativeAssets.Win32 (2.88.3)
    System.Buffers (4.5.1) - restriction: || (&& (== net7.0) (>= monotouch)) (&& (== net7.0) (>= net461)) (&& (== net7.0) (>= net462)) (&& (== net7.0) (< net6.0) (>= xamarinios)) (&& (== net7.0) (< net6.0) (>= xamarinmac)) (&& (== net7.0) (< net6.0) (>= xamarintvos)) (&& (== net7.0) (< net6.0) (>= xamarinwatchos)) (&& (== net7.0) (< netcoreapp2.0)) (&& (== net7.0) (< netstandard1.1)) (&& (== net7.0) (< netstandard2.0)) (== netstandard2.0)
    System.Formats.Asn1 (7.0) - restriction: || (== net7.0) (&& (== netstandard2.0) (>= net7.0))
    System.IdentityModel.Tokens.Jwt (6.26.1) - restriction: || (== net7.0) (&& (== netstandard2.0) (>= net7.0))
      Microsoft.IdentityModel.JsonWebTokens (>= 6.26.1)
      Microsoft.IdentityModel.Tokens (>= 6.26.1)
    System.Memory (4.5.5) - restriction: || (&& (== net7.0) (>= net462)) (&& (== net7.0) (< net6.0)) (== netstandard2.0)
      System.Buffers (>= 4.5.1) - restriction: || (&& (== net7.0) (>= monotouch)) (&& (== net7.0) (>= net461)) (&& (== net7.0) (< netcoreapp2.0)) (&& (== net7.0) (< netstandard1.1)) (&& (== net7.0) (< netstandard2.0)) (&& (== net7.0) (>= xamarinios)) (&& (== net7.0) (>= xamarinmac)) (&& (== net7.0) (>= xamarintvos)) (&& (== net7.0) (>= xamarinwatchos)) (== netstandard2.0)
      System.Numerics.Vectors (>= 4.4) - restriction: || (&& (== net7.0) (< netcoreapp2.0)) (== netstandard2.0)
      System.Runtime.CompilerServices.Unsafe (>= 4.5.3) - restriction: || (&& (== net7.0) (>= monotouch)) (&& (== net7.0) (>= net461)) (&& (== net7.0) (< netcoreapp2.0)) (&& (== net7.0) (< netcoreapp2.1)) (&& (== net7.0) (< netstandard1.1)) (&& (== net7.0) (< netstandard2.0)) (&& (== net7.0) (>= uap10.1)) (&& (== net7.0) (>= xamarinios)) (&& (== net7.0) (>= xamarinmac)) (&& (== net7.0) (>= xamarintvos)) (&& (== net7.0) (>= xamarinwatchos)) (== netstandard2.0)
    System.Numerics.Vectors (4.5) - restriction: || (&& (== net7.0) (>= net462)) (&& (== net7.0) (< netcoreapp2.0)) (== netstandard2.0)
    System.Reflection.Emit (4.7) - restriction: || (== net7.0) (&& (== netstandard2.0) (>= net6.0))
    System.Reflection.Emit.Lightweight (4.7) - restriction: || (== net7.0) (&& (== netstandard2.0) (>= net6.0))
    System.Runtime (4.3.1) - restriction: || (== net7.0) (&& (== netstandard2.0) (>= net7.0))
      Microsoft.NETCore.Platforms (>= 1.1.1)
      Microsoft.NETCore.Targets (>= 1.1.3)
    System.Runtime.CompilerServices.Unsafe (6.0) - restriction: || (&& (== net7.0) (>= net462)) (&& (== net7.0) (< net6.0)) (== netstandard2.0)
    System.Security.Cryptography.Cng (5.0) - restriction: || (== net7.0) (&& (== netstandard2.0) (>= net7.0))
      System.Formats.Asn1 (>= 5.0) - restriction: || (== net7.0) (&& (== netstandard2.0) (>= netcoreapp3.0))
    System.Text.Encoding (4.3) - restriction: || (== net7.0) (&& (== netstandard2.0) (>= net7.0))
      Microsoft.NETCore.Platforms (>= 1.1)
      Microsoft.NETCore.Targets (>= 1.1)
      System.Runtime (>= 4.3)
    System.Text.Encoding.CodePages (7.0)
      System.Memory (>= 4.5.5) - restriction: || (&& (== net7.0) (>= net462)) (&& (== net7.0) (< net6.0)) (== netstandard2.0)
      System.Runtime.CompilerServices.Unsafe (>= 6.0) - restriction: || (&& (== net7.0) (>= net462)) (&& (== net7.0) (< net6.0)) (== netstandard2.0)
    System.Text.Encodings.Web (7.0) - restriction: || (== net7.0) (&& (== netstandard2.0) (>= net6.0))
    System.Text.Json (7.0.1) - restriction: || (== net7.0) (&& (== netstandard2.0) (>= net6.0))
      System.Text.Encodings.Web (>= 7.0)
    System.Threading.Tasks.Extensions (4.5.4) - restriction: || (== net7.0) (&& (== netstandard2.0) (>= net6.0))
    System.ValueTuple (4.5) - restriction: || (== net7.0) (&& (== netstandard2.0) (>= net6.0))
    Thoth.Elmish.Debouncer (1.0)
      Fable.Core (>= 3.0)
      Fable.Elmish (>= 3.0)
      Fable.Promise (>= 2.0)
      Fable.React (>= 5.1)
      FSharp.Core (>= 4.6.2)
    Thoth.Json (10.0)
      Fable.Core (>= 3.1.6)
      FSharp.Core (>= 4.7.2)
    Utf8Json (1.3.7) - restriction: || (== net7.0) (&& (== netstandard2.0) (>= net6.0))
      System.Reflection.Emit (>= 4.3)
      System.Reflection.Emit.Lightweight (>= 4.3)
      System.Threading.Tasks.Extensions (>= 4.4)
      System.ValueTuple (>= 4.4)

GROUP Build
STORAGE: NONE
RESTRICTION: == netstandard2.0
NUGET
  remote: https://api.nuget.org/v3/index.json
    BlackFox.VsWhere (1.1)
      FSharp.Core (>= 4.2.3)
      Microsoft.Win32.Registry (>= 4.7)
    Fake.Core.CommandLineParsing (5.23.1)
      FParsec (>= 1.1.1)
      FSharp.Core (>= 6.0)
    Fake.Core.Context (5.23.1)
      FSharp.Core (>= 6.0)
    Fake.Core.Environment (5.23.1)
      FSharp.Core (>= 6.0)
    Fake.Core.FakeVar (5.23.1)
      Fake.Core.Context (>= 5.23.1)
      FSharp.Core (>= 6.0)
    Fake.Core.Process (5.23.1)
      Fake.Core.Environment (>= 5.23.1)
      Fake.Core.FakeVar (>= 5.23.1)
      Fake.Core.String (>= 5.23.1)
      Fake.Core.Trace (>= 5.23.1)
      Fake.IO.FileSystem (>= 5.23.1)
      FSharp.Core (>= 6.0)
      System.Collections.Immutable (>= 5.0)
    Fake.Core.ReleaseNotes (5.23.1)
      Fake.Core.SemVer (>= 5.23.1)
      Fake.Core.String (>= 5.23.1)
      FSharp.Core (>= 6.0)
    Fake.Core.SemVer (5.23.1)
      FSharp.Core (>= 6.0)
    Fake.Core.String (5.23.1)
      FSharp.Core (>= 6.0)
    Fake.Core.Target (5.23.1)
      Fake.Core.CommandLineParsing (>= 5.23.1)
      Fake.Core.Context (>= 5.23.1)
      Fake.Core.Environment (>= 5.23.1)
      Fake.Core.FakeVar (>= 5.23.1)
      Fake.Core.Process (>= 5.23.1)
      Fake.Core.String (>= 5.23.1)
      Fake.Core.Trace (>= 5.23.1)
      FSharp.Control.Reactive (>= 5.0.2)
      FSharp.Core (>= 6.0)
    Fake.Core.Tasks (5.23.1)
      Fake.Core.Trace (>= 5.23.1)
      FSharp.Core (>= 6.0)
    Fake.Core.Trace (5.23.1)
      Fake.Core.Environment (>= 5.23.1)
      Fake.Core.FakeVar (>= 5.23.1)
      FSharp.Core (>= 6.0)
    Fake.Core.Xml (5.23.1)
      Fake.Core.String (>= 5.23.1)
      FSharp.Core (>= 6.0)
    Fake.DotNet.Cli (5.23.1)
      Fake.Core.Environment (>= 5.23.1)
      Fake.Core.Process (>= 5.23.1)
      Fake.Core.String (>= 5.23.1)
      Fake.Core.Trace (>= 5.23.1)
      Fake.DotNet.MSBuild (>= 5.23.1)
      Fake.DotNet.NuGet (>= 5.23.1)
      Fake.IO.FileSystem (>= 5.23.1)
      FSharp.Core (>= 6.0)
      Mono.Posix.NETStandard (>= 1.0)
      Newtonsoft.Json (>= 13.0.1)
    Fake.DotNet.MSBuild (5.23.1)
      BlackFox.VsWhere (>= 1.1)
      Fake.Core.Environment (>= 5.23.1)
      Fake.Core.Process (>= 5.23.1)
      Fake.Core.String (>= 5.23.1)
      Fake.Core.Trace (>= 5.23.1)
      Fake.IO.FileSystem (>= 5.23.1)
      FSharp.Core (>= 6.0)
      MSBuild.StructuredLogger (>= 2.1.545)
    Fake.DotNet.NuGet (5.23.1)
      Fake.Core.Environment (>= 5.23.1)
      Fake.Core.Process (>= 5.23.1)
      Fake.Core.SemVer (>= 5.23.1)
      Fake.Core.String (>= 5.23.1)
      Fake.Core.Tasks (>= 5.23.1)
      Fake.Core.Trace (>= 5.23.1)
      Fake.Core.Xml (>= 5.23.1)
      Fake.IO.FileSystem (>= 5.23.1)
      Fake.Net.Http (>= 5.23.1)
      FSharp.Core (>= 6.0)
      Newtonsoft.Json (>= 13.0.1)
      NuGet.Protocol (>= 5.11)
    Fake.IO.FileSystem (5.23.1)
      Fake.Core.String (>= 5.23.1)
      FSharp.Core (>= 6.0)
    Fake.Net.Http (5.23.1)
      Fake.Core.Trace (>= 5.23.1)
      FSharp.Core (>= 6.0)
    Farmer (1.7.16)
      FSharp.Core (>= 5.0)
      System.Text.Json (>= 5.0)
    FParsec (1.1.1)
      FSharp.Core (>= 4.3.4)
    FSharp.Control.Reactive (5.0.5)
      FSharp.Core (>= 4.7.2)
      System.Reactive (>= 5.0 < 6.0)
    FSharp.Core (7.0)
    Microsoft.Bcl.AsyncInterfaces (7.0)
      System.Threading.Tasks.Extensions (>= 4.5.4)
    Microsoft.Build.Framework (17.4)
      Microsoft.Win32.Registry (>= 5.0)
      System.Security.Permissions (>= 6.0)
    Microsoft.Build.Utilities.Core (17.4)
      Microsoft.Build.Framework (>= 17.4)
      Microsoft.NET.StringTools (>= 17.4)
      Microsoft.Win32.Registry (>= 5.0)
      System.Collections.Immutable (>= 6.0)
      System.Configuration.ConfigurationManager (>= 6.0)
      System.Security.Permissions (>= 6.0)
      System.Text.Encoding.CodePages (>= 6.0)
    Microsoft.NET.StringTools (17.4)
      System.Memory (>= 4.5.5)
      System.Runtime.CompilerServices.Unsafe (>= 6.0)
    Microsoft.NETCore.Platforms (7.0)
    Microsoft.NETCore.Targets (5.0)
    Microsoft.Win32.Registry (5.0)
      System.Buffers (>= 4.5.1)
      System.Memory (>= 4.5.4)
      System.Security.AccessControl (>= 5.0)
      System.Security.Principal.Windows (>= 5.0)
    Mono.Posix.NETStandard (1.0)
    MSBuild.StructuredLogger (2.1.768)
      Microsoft.Build.Framework (>= 16.10)
      Microsoft.Build.Utilities.Core (>= 16.10)
    Newtonsoft.Json (13.0.2)
    NuGet.Common (6.4)
      NuGet.Frameworks (>= 6.4)
    NuGet.Configuration (6.4)
      NuGet.Common (>= 6.4)
      System.Security.Cryptography.ProtectedData (>= 4.4)
    NuGet.Frameworks (6.4)
    NuGet.Packaging (6.4)
      Newtonsoft.Json (>= 13.0.1)
      NuGet.Configuration (>= 6.4)
      NuGet.Versioning (>= 6.4)
      System.Security.Cryptography.Cng (>= 5.0)
      System.Security.Cryptography.Pkcs (>= 5.0)
    NuGet.Protocol (6.4)
      NuGet.Packaging (>= 6.4)
    NuGet.Versioning (6.4)
    System.Buffers (4.5.1)
    System.Collections.Immutable (7.0)
      System.Memory (>= 4.5.5)
      System.Runtime.CompilerServices.Unsafe (>= 6.0)
    System.Configuration.ConfigurationManager (7.0)
      System.Security.Cryptography.ProtectedData (>= 7.0)
      System.Security.Permissions (>= 7.0)
    System.Formats.Asn1 (7.0)
      System.Buffers (>= 4.5.1)
      System.Memory (>= 4.5.5)
    System.Memory (4.5.5)
      System.Buffers (>= 4.5.1)
      System.Numerics.Vectors (>= 4.4)
      System.Runtime.CompilerServices.Unsafe (>= 4.5.3)
    System.Numerics.Vectors (4.5)
    System.Reactive (5.0)
      System.Runtime.InteropServices.WindowsRuntime (>= 4.3)
      System.Threading.Tasks.Extensions (>= 4.5.4)
    System.Runtime (4.3.1)
      Microsoft.NETCore.Platforms (>= 1.1.1)
      Microsoft.NETCore.Targets (>= 1.1.3)
    System.Runtime.CompilerServices.Unsafe (6.0)
    System.Runtime.InteropServices.WindowsRuntime (4.3)
      System.Runtime (>= 4.3)
    System.Security.AccessControl (6.0)
      System.Security.Principal.Windows (>= 5.0)
    System.Security.Cryptography.Cng (5.0)
    System.Security.Cryptography.Pkcs (7.0)
      System.Buffers (>= 4.5.1)
      System.Formats.Asn1 (>= 7.0)
      System.Memory (>= 4.5.5)
      System.Security.Cryptography.Cng (>= 5.0)
    System.Security.Cryptography.ProtectedData (7.0)
    System.Security.Permissions (7.0)
      System.Security.AccessControl (>= 6.0)
    System.Security.Principal.Windows (5.0)
    System.Text.Encoding.CodePages (7.0)
      System.Memory (>= 4.5.5)
      System.Runtime.CompilerServices.Unsafe (>= 6.0)
    System.Text.Encodings.Web (7.0)
      System.Buffers (>= 4.5.1)
      System.Memory (>= 4.5.5)
      System.Runtime.CompilerServices.Unsafe (>= 6.0)
    System.Text.Json (7.0.1)
      Microsoft.Bcl.AsyncInterfaces (>= 7.0)
      System.Buffers (>= 4.5.1)
      System.Memory (>= 4.5.5)
      System.Numerics.Vectors (>= 4.5)
      System.Runtime.CompilerServices.Unsafe (>= 6.0)
      System.Text.Encodings.Web (>= 7.0)
      System.Threading.Tasks.Extensions (>= 4.5.4)
    System.Threading.Tasks.Extensions (4.5.4)
      System.Runtime.CompilerServices.Unsafe (>= 4.5.3)
