STORAGE: NONE
RESTRICTION: || (== net6.0) (== netstandard2.0)
NUGET
  remote: https://api.nuget.org/v3/index.json
    Elmish.SweetAlert (3.4)
      Fable.Core (>= 3.1.3)
      Fable.Elmish (>= 3.0)
      FSharp.Core (>= 4.7.2)
    Elmish.Toastr (2.1)
      Fable.Core (>= 3.0)
      Fable.Elmish (>= 3.0)
      FSharp.Core (>= 4.6.2)
    Expecto (9.0.4)
      FSharp.Core (>= 4.6)
      Mono.Cecil (>= 0.11.3)
    Fable.Browser.Blob (1.2)
      Fable.Core (>= 3.0)
      FSharp.Core (>= 4.7.2)
    Fable.Browser.Dom (2.10)
      Fable.Browser.Blob (>= 1.2)
      Fable.Browser.Event (>= 1.5)
      Fable.Browser.WebStorage (>= 1.1)
      Fable.Core (>= 3.2.8)
      FSharp.Core (>= 4.7.2)
    Fable.Browser.Event (1.5)
      Fable.Browser.Gamepad (>= 1.1)
      Fable.Core (>= 3.0)
      FSharp.Core (>= 4.7.2)
    Fable.Browser.Gamepad (1.1)
      Fable.Core (>= 3.0)
      FSharp.Core (>= 4.7.2)
    Fable.Browser.WebSocket (1.2)
      Fable.Browser.Event (>= 1.5)
      Fable.Core (>= 3.0)
      FSharp.Core (>= 4.7.2)
    Fable.Browser.WebStorage (1.1)
      Fable.Browser.Event (>= 1.5)
      Fable.Core (>= 3.0)
      FSharp.Core (>= 4.7.2)
    Fable.Browser.XMLHttpRequest (1.2)
      Fable.Browser.Blob (>= 1.2)
      Fable.Browser.Event (>= 1.5)
      Fable.Core (>= 3.0)
      FSharp.Core (>= 4.7.2)
    Fable.Core (3.7.1)
    Fable.Elmish (3.1)
      Fable.Core (>= 3.0)
      FSharp.Core (>= 4.6.2)
    Fable.Elmish.Browser (3.0.5)
      Fable.Browser.Dom (>= 1.0)
      Fable.Core (>= 3.0)
      Fable.Elmish (>= 3.0)
      FSharp.Core (>= 4.6.2)
    Fable.Elmish.Debugger (3.3)
      Fable.Core (>= 3.2.8)
      Fable.Elmish (>= 3.0)
      FSharp.Core (>= 4.7.2)
      Thoth.Json (>= 6.0)
    Fable.Elmish.HMR (5.2)
      Fable.Core (>= 3.0)
      Fable.Elmish.Browser (>= 3.0.4)
      Fable.Elmish.React (>= 3.0.1)
      FSharp.Core (>= 4.7.2)
    Fable.Elmish.React (3.0.1)
      Fable.Core (>= 3.0)
      Fable.Elmish (>= 3.0)
      Fable.React (>= 5.1)
      FSharp.Core (>= 4.6.2)
    Fable.Fetch (2.4)
      Fable.Browser.Blob (>= 1.1.4)
      Fable.Core (>= 3.1.5)
      Fable.Promise (>= 2.2.2)
      FSharp.Core (>= 4.7.2)
    Fable.FontAwesome (2.0)
      Fable.Core (>= 3.0)
      Fable.React (>= 5.1)
    Fable.FontAwesome.Free (2.1)
      Fable.Core (>= 3.0)
      Fable.FontAwesome (>= 2.0)
      Fable.React (>= 5.1)
    Fable.Mocha (2.15)
      Fable.Core (>= 3.0)
      FSharp.Core (>= 4.7)
    Fable.Parsimmon (4.1)
      Fable.Core (>= 3.0)
      FSharp.Core (>= 4.6.2)
    Fable.Promise (3.1.3)
      Fable.Core (>= 3.1.5)
      FSharp.Core (>= 4.7.2)
    Fable.React (8.0.1)
      Fable.Browser.Dom (>= 2.4.4)
      Fable.Core (>= 3.2.7)
      FSharp.Core (>= 4.7.2)
    Fable.React.Flatpickr (3.0)
      Fable.Core (>= 3.0)
      Fable.React (>= 5.1)
      FSharp.Core (>= 4.6.2)
    Fable.Reaction (3.5)
      Fable.Browser.Event (>= 1.2.1)
      Fable.Browser.WebSocket (>= 1.0.1)
      Fable.Core (>= 3.1.6)
      Fable.Fetch (>= 2.2)
      Fable.React (>= 6.2)
      FSharp.Control.AsyncRx (>= 1.6)
      FSharp.Core (>= 5.0)
    Fable.Remoting.Client (7.19)
      Fable.Browser.XMLHttpRequest (>= 1.0)
      Fable.Core (>= 3.1.5)
      Fable.Remoting.MsgPack (>= 1.16)
      Fable.SimpleJson (>= 3.23)
      FSharp.Core (>= 4.7.2)
    Fable.Remoting.Giraffe (5.9)
      Fable.Remoting.Server (>= 5.29) - restriction: || (== net6.0) (&& (== netstandard2.0) (>= net5.0))
      FSharp.Core (>= 5.0) - restriction: || (== net6.0) (&& (== netstandard2.0) (>= net5.0))
      Giraffe (>= 5.0) - restriction: || (== net6.0) (&& (== netstandard2.0) (>= net5.0))
      Microsoft.IO.RecyclableMemoryStream (>= 2.1.3) - restriction: || (== net6.0) (&& (== netstandard2.0) (>= net5.0))
    Fable.Remoting.Json (2.21) - restriction: || (== net6.0) (&& (== netstandard2.0) (>= net5.0))
      FSharp.Core (>= 4.7.2)
      Newtonsoft.Json (>= 12.0.2)
    Fable.Remoting.MsgPack (1.16)
      FSharp.Core (>= 4.7.2)
    Fable.Remoting.Server (5.29) - restriction: || (== net6.0) (&& (== netstandard2.0) (>= net5.0))
      Fable.Remoting.Json (>= 2.21)
      Fable.Remoting.MsgPack (>= 1.16)
      FSharp.Core (>= 4.7.2)
      Microsoft.IO.RecyclableMemoryStream (>= 2.1.3)
    Fable.SimpleJson (3.24)
      Fable.Core (>= 3.1.5)
      Fable.Parsimmon (>= 4.0)
      FSharp.Core (>= 4.7)
    FSharp.Control.AsyncRx (1.6)
      FSharp.Core (>= 4.7.2)
    FSharp.Control.Websockets (0.2.2) - restriction: || (== net6.0) (&& (== netstandard2.0) (>= net6.0))
      FSharp.Core (>= 4.3.4)
      Microsoft.IO.RecyclableMemoryStream (>= 1.2.2)
    FSharp.Core (6.0.5)
    FSharp.Data (4.2.9)
      FSharp.Core (>= 5.0.1)
    FsToolkit.ErrorHandling (2.13)
      FSharp.Core (>= 4.7.2)
    Fulma (2.16)
      Fable.Core (>= 3.2.6)
      Fable.React (>= 7.4)
    GemBox.Spreadsheet (47.0.1345)
      Portable.BouncyCastle (>= 1.8.9)
      System.Drawing.Common (>= 5.0) - restriction: || (&& (== net6.0) (< netcoreapp3.1)) (== netstandard2.0)
      System.Security.Cryptography.Pkcs (>= 5.0.1) - restriction: || (&& (== net6.0) (< netcoreapp3.1)) (== netstandard2.0)
    Giraffe (6.0) - restriction: || (== net6.0) (&& (== netstandard2.0) (>= net6.0))
      FSharp.Core (>= 6.0.1) - restriction: || (== net6.0) (&& (== netstandard2.0) (>= net6.0))
      Giraffe.ViewEngine (>= 1.3) - restriction: || (== net6.0) (&& (== netstandard2.0) (>= net6.0))
      Microsoft.IO.RecyclableMemoryStream (>= 2.2) - restriction: || (== net6.0) (&& (== netstandard2.0) (>= net6.0))
      Newtonsoft.Json (>= 13.0.1) - restriction: || (== net6.0) (&& (== netstandard2.0) (>= net6.0))
      System.Text.Json (>= 6.0.2) - restriction: || (== net6.0) (&& (== netstandard2.0) (>= net6.0))
      Utf8Json (>= 1.3.7) - restriction: || (== net6.0) (&& (== netstandard2.0) (>= net6.0))
    Giraffe.ViewEngine (1.4) - restriction: || (== net6.0) (&& (== netstandard2.0) (>= net6.0))
      FSharp.Core (>= 5.0)
    LiteDB (5.0.12)
    Microsoft.AspNetCore.Authentication.Certificate (6.0.6)
      Microsoft.Extensions.Caching.Memory (>= 6.0.1) - restriction: || (== net6.0) (&& (== netstandard2.0) (>= net6.0))
    Microsoft.AspNetCore.Authentication.JwtBearer (6.0.6) - restriction: || (== net6.0) (&& (== netstandard2.0) (>= net6.0))
      Microsoft.IdentityModel.Protocols.OpenIdConnect (>= 6.10) - restriction: || (== net6.0) (&& (== netstandard2.0) (>= net6.0))
    Microsoft.CSharp (4.7) - restriction: || (== net6.0) (&& (== netstandard2.0) (>= net6.0))
    Microsoft.Extensions.Caching.Abstractions (6.0) - restriction: || (== net6.0) (&& (== netstandard2.0) (>= net6.0))
      Microsoft.Extensions.Primitives (>= 6.0)
    Microsoft.Extensions.Caching.Memory (6.0.1) - restriction: || (== net6.0) (&& (== netstandard2.0) (>= net6.0))
      Microsoft.Extensions.Caching.Abstractions (>= 6.0)
      Microsoft.Extensions.DependencyInjection.Abstractions (>= 6.0)
      Microsoft.Extensions.Logging.Abstractions (>= 6.0)
      Microsoft.Extensions.Options (>= 6.0)
      Microsoft.Extensions.Primitives (>= 6.0)
    Microsoft.Extensions.DependencyInjection.Abstractions (6.0) - restriction: || (== net6.0) (&& (== netstandard2.0) (>= net6.0))
    Microsoft.Extensions.Logging.Abstractions (6.0.1) - restriction: || (== net6.0) (&& (== netstandard2.0) (>= net6.0))
    Microsoft.Extensions.Options (6.0) - restriction: || (== net6.0) (&& (== netstandard2.0) (>= net6.0))
      Microsoft.Extensions.DependencyInjection.Abstractions (>= 6.0)
      Microsoft.Extensions.Primitives (>= 6.0)
    Microsoft.Extensions.Primitives (6.0) - restriction: || (== net6.0) (&& (== netstandard2.0) (>= net6.0))
      System.Runtime.CompilerServices.Unsafe (>= 6.0)
    Microsoft.IdentityModel.Abstractions (6.20) - restriction: || (== net6.0) (&& (== netstandard2.0) (>= net6.0))
    Microsoft.IdentityModel.JsonWebTokens (6.20) - restriction: || (== net6.0) (&& (== netstandard2.0) (>= net6.0))
      Microsoft.IdentityModel.Tokens (>= 6.20)
    Microsoft.IdentityModel.Logging (6.20) - restriction: || (== net6.0) (&& (== netstandard2.0) (>= net6.0))
      Microsoft.IdentityModel.Abstractions (>= 6.20)
    Microsoft.IdentityModel.Protocols (6.20) - restriction: || (== net6.0) (&& (== netstandard2.0) (>= net6.0))
      Microsoft.IdentityModel.Logging (>= 6.20)
      Microsoft.IdentityModel.Tokens (>= 6.20)
    Microsoft.IdentityModel.Protocols.OpenIdConnect (6.20) - restriction: || (== net6.0) (&& (== netstandard2.0) (>= net6.0))
      Microsoft.IdentityModel.Protocols (>= 6.20)
      System.IdentityModel.Tokens.Jwt (>= 6.20)
    Microsoft.IdentityModel.Tokens (6.20) - restriction: || (== net6.0) (&& (== netstandard2.0) (>= net6.0))
      Microsoft.CSharp (>= 4.5)
      Microsoft.IdentityModel.Logging (>= 6.20)
      System.Security.Cryptography.Cng (>= 4.5)
    Microsoft.IO.RecyclableMemoryStream (2.2) - restriction: || (== net6.0) (&& (== netstandard2.0) (>= net6.0))
    MinVer (4.1)
    Mono.Cecil (0.11.4)
    NewId (3.0.3)
    Newtonsoft.Json (13.0.1) - restriction: || (== net6.0) (&& (== netstandard2.0) (>= net6.0))
    Portable.BouncyCastle (1.9)
    Saturn (0.16.1)
      FSharp.Control.Websockets (>= 0.2.2) - restriction: || (== net6.0) (&& (== netstandard2.0) (>= net6.0))
      Giraffe (>= 6.0) - restriction: || (== net6.0) (&& (== netstandard2.0) (>= net6.0))
      Microsoft.AspNetCore.Authentication.JwtBearer (>= 6.0.3) - restriction: || (== net6.0) (&& (== netstandard2.0) (>= net6.0))
    System.Buffers (4.5.1) - restriction: || (&& (== net6.0) (< netstandard2.1)) (== netstandard2.0)
    System.Drawing.Common (6.0) - restriction: || (&& (== net6.0) (< netcoreapp3.1)) (== netstandard2.0)
    System.Formats.Asn1 (6.0) - restriction: || (&& (== net6.0) (< netcoreapp3.1)) (== netstandard2.0)
      System.Buffers (>= 4.5.1) - restriction: || (&& (== net6.0) (>= net461)) (== netstandard2.0)
      System.Memory (>= 4.5.4) - restriction: || (&& (== net6.0) (>= net461)) (== netstandard2.0)
    System.IdentityModel.Tokens.Jwt (6.20) - restriction: || (== net6.0) (&& (== netstandard2.0) (>= net6.0))
      Microsoft.IdentityModel.JsonWebTokens (>= 6.20)
      Microsoft.IdentityModel.Tokens (>= 6.20)
    System.Memory (4.5.5) - restriction: || (&& (== net6.0) (< netstandard2.1)) (== netstandard2.0)
      System.Buffers (>= 4.5.1) - restriction: || (&& (== net6.0) (>= monotouch)) (&& (== net6.0) (>= net461)) (&& (== net6.0) (< netcoreapp2.0)) (&& (== net6.0) (< netstandard1.1)) (&& (== net6.0) (< netstandard2.0)) (&& (== net6.0) (>= xamarinios)) (&& (== net6.0) (>= xamarinmac)) (&& (== net6.0) (>= xamarintvos)) (&& (== net6.0) (>= xamarinwatchos)) (== netstandard2.0)
      System.Numerics.Vectors (>= 4.4) - restriction: || (&& (== net6.0) (< netcoreapp2.0)) (== netstandard2.0)
      System.Runtime.CompilerServices.Unsafe (>= 4.5.3) - restriction: || (&& (== net6.0) (>= monotouch)) (&& (== net6.0) (>= net461)) (&& (== net6.0) (< netcoreapp2.0)) (&& (== net6.0) (< netcoreapp2.1)) (&& (== net6.0) (< netstandard1.1)) (&& (== net6.0) (< netstandard2.0)) (&& (== net6.0) (>= uap10.1)) (&& (== net6.0) (>= xamarinios)) (&& (== net6.0) (>= xamarinmac)) (&& (== net6.0) (>= xamarintvos)) (&& (== net6.0) (>= xamarinwatchos)) (== netstandard2.0)
    System.Numerics.Vectors (4.5) - restriction: || (&& (== net6.0) (< netcoreapp2.0) (< netstandard2.1)) (== netstandard2.0)
    System.Reflection.Emit (4.7) - restriction: || (== net6.0) (&& (== netstandard2.0) (>= net6.0))
    System.Reflection.Emit.Lightweight (4.7) - restriction: || (== net6.0) (&& (== netstandard2.0) (>= net6.0))
    System.Runtime.CompilerServices.Unsafe (6.0)
    System.Security.Cryptography.Cng (5.0)
    System.Security.Cryptography.Pkcs (6.0.1) - restriction: || (&& (== net6.0) (< netcoreapp3.1)) (== netstandard2.0)
      System.Buffers (>= 4.5.1) - restriction: || (&& (== net6.0) (< netstandard2.1)) (== netstandard2.0)
      System.Formats.Asn1 (>= 6.0)
      System.Memory (>= 4.5.4) - restriction: || (&& (== net6.0) (< netstandard2.1)) (== netstandard2.0)
      System.Security.Cryptography.Cng (>= 5.0) - restriction: || (&& (== net6.0) (< netcoreapp3.1)) (&& (== net6.0) (< netstandard2.1)) (== netstandard2.0)
    System.Text.Encodings.Web (6.0) - restriction: || (== net6.0) (&& (== netstandard2.0) (>= net6.0))
      System.Runtime.CompilerServices.Unsafe (>= 6.0)
    System.Text.Json (6.0.5) - restriction: || (== net6.0) (&& (== netstandard2.0) (>= net6.0))
      System.Runtime.CompilerServices.Unsafe (>= 6.0)
      System.Text.Encodings.Web (>= 6.0)
    System.Threading.Tasks.Extensions (4.5.4) - restriction: || (== net6.0) (&& (== netstandard2.0) (>= net6.0))
    System.ValueTuple (4.5) - restriction: || (== net6.0) (&& (== netstandard2.0) (>= net6.0))
    Thoth.Elmish.Debouncer (1.0)
      Fable.Core (>= 3.0)
      Fable.Elmish (>= 3.0)
      Fable.Promise (>= 2.0)
      Fable.React (>= 5.1)
      FSharp.Core (>= 4.6.2)
    Thoth.Json (7.0)
      Fable.Core (>= 3.1.6)
      FSharp.Core (>= 4.7.2)
    Utf8Json (1.3.7) - restriction: || (== net6.0) (&& (== netstandard2.0) (>= net6.0))
      System.Reflection.Emit (>= 4.3)
      System.Reflection.Emit.Lightweight (>= 4.3)
      System.Threading.Tasks.Extensions (>= 4.4)
      System.ValueTuple (>= 4.4)

GROUP Build
STORAGE: NONE
RESTRICTION: == netstandard2.0
NUGET
  remote: https://api.nuget.org/v3/index.json
    BlackFox.VsWhere (1.1)
      FSharp.Core (>= 4.2.3)
      Microsoft.Win32.Registry (>= 4.7)
    Fake.Core.CommandLineParsing (5.22)
      FParsec (>= 1.1.1)
      FSharp.Core (>= 6.0)
    Fake.Core.Context (5.22)
      FSharp.Core (>= 6.0)
    Fake.Core.Environment (5.22)
      FSharp.Core (>= 6.0)
    Fake.Core.FakeVar (5.22)
      Fake.Core.Context (>= 5.22)
      FSharp.Core (>= 6.0)
    Fake.Core.Process (5.22)
      Fake.Core.Environment (>= 5.22)
      Fake.Core.FakeVar (>= 5.22)
      Fake.Core.String (>= 5.22)
      Fake.Core.Trace (>= 5.22)
      Fake.IO.FileSystem (>= 5.22)
      FSharp.Core (>= 6.0)
      System.Collections.Immutable (>= 5.0)
    Fake.Core.ReleaseNotes (5.22)
      Fake.Core.SemVer (>= 5.22)
      Fake.Core.String (>= 5.22)
      FSharp.Core (>= 6.0)
    Fake.Core.SemVer (5.22)
      FSharp.Core (>= 6.0)
    Fake.Core.String (5.22)
      FSharp.Core (>= 6.0)
    Fake.Core.Target (5.22)
      Fake.Core.CommandLineParsing (>= 5.22)
      Fake.Core.Context (>= 5.22)
      Fake.Core.Environment (>= 5.22)
      Fake.Core.FakeVar (>= 5.22)
      Fake.Core.Process (>= 5.22)
      Fake.Core.String (>= 5.22)
      Fake.Core.Trace (>= 5.22)
      FSharp.Control.Reactive (>= 5.0.2)
      FSharp.Core (>= 6.0)
    Fake.Core.Tasks (5.22)
      Fake.Core.Trace (>= 5.22)
      FSharp.Core (>= 6.0)
    Fake.Core.Trace (5.22)
      Fake.Core.Environment (>= 5.22)
      Fake.Core.FakeVar (>= 5.22)
      FSharp.Core (>= 6.0)
    Fake.Core.Xml (5.22)
      Fake.Core.String (>= 5.22)
      FSharp.Core (>= 6.0)
    Fake.DotNet.Cli (5.22)
      Fake.Core.Environment (>= 5.22)
      Fake.Core.Process (>= 5.22)
      Fake.Core.String (>= 5.22)
      Fake.Core.Trace (>= 5.22)
      Fake.DotNet.MSBuild (>= 5.22)
      Fake.DotNet.NuGet (>= 5.22)
      Fake.IO.FileSystem (>= 5.22)
      FSharp.Core (>= 6.0)
      Mono.Posix.NETStandard (>= 1.0)
      Newtonsoft.Json (>= 13.0.1)
    Fake.DotNet.MSBuild (5.22)
      BlackFox.VsWhere (>= 1.1)
      Fake.Core.Environment (>= 5.22)
      Fake.Core.Process (>= 5.22)
      Fake.Core.String (>= 5.22)
      Fake.Core.Trace (>= 5.22)
      Fake.IO.FileSystem (>= 5.22)
      FSharp.Core (>= 6.0)
      MSBuild.StructuredLogger (>= 2.1.545)
    Fake.DotNet.NuGet (5.22)
      Fake.Core.Environment (>= 5.22)
      Fake.Core.Process (>= 5.22)
      Fake.Core.SemVer (>= 5.22)
      Fake.Core.String (>= 5.22)
      Fake.Core.Tasks (>= 5.22)
      Fake.Core.Trace (>= 5.22)
      Fake.Core.Xml (>= 5.22)
      Fake.IO.FileSystem (>= 5.22)
      Fake.Net.Http (>= 5.22)
      FSharp.Core (>= 6.0)
      Newtonsoft.Json (>= 13.0.1)
      NuGet.Protocol (>= 5.11)
    Fake.IO.FileSystem (5.22)
      Fake.Core.String (>= 5.22)
      FSharp.Core (>= 6.0)
    Fake.Net.Http (5.22)
      Fake.Core.Trace (>= 5.22)
      FSharp.Core (>= 6.0)
    Farmer (1.7.4)
      FSharp.Core (>= 5.0)
      System.Text.Json (>= 5.0)
    FParsec (1.1.1)
      FSharp.Core (>= 4.3.4)
    FSharp.Control.Reactive (5.0.5)
      FSharp.Core (>= 4.7.2)
      System.Reactive (>= 5.0 < 6.0)
    FSharp.Core (6.0.5)
    Microsoft.Bcl.AsyncInterfaces (6.0)
      System.Threading.Tasks.Extensions (>= 4.5.4)
    Microsoft.Build (17.2)
    Microsoft.Build.Framework (17.2)
      Microsoft.Win32.Registry (>= 4.3)
      System.Security.Permissions (>= 4.7)
    Microsoft.Build.Tasks.Core (17.2)
      Microsoft.Build.Framework (>= 17.2)
      Microsoft.Build.Utilities.Core (>= 17.2)
      Microsoft.NET.StringTools (>= 1.0)
      Microsoft.Win32.Registry (>= 4.3)
      System.CodeDom (>= 4.4)
      System.Collections.Immutable (>= 5.0)
      System.Reflection.Metadata (>= 1.6)
      System.Resources.Extensions (>= 4.6)
      System.Security.Cryptography.Pkcs (>= 4.7)
      System.Security.Cryptography.Xml (>= 4.7)
      System.Security.Permissions (>= 4.7)
      System.Threading.Tasks.Dataflow (>= 6.0)
    Microsoft.Build.Utilities.Core (17.2)
      Microsoft.Build.Framework (>= 17.2)
      Microsoft.NET.StringTools (>= 1.0)
      Microsoft.Win32.Registry (>= 4.3)
      System.Collections.Immutable (>= 5.0)
      System.Configuration.ConfigurationManager (>= 4.7)
      System.Security.Permissions (>= 4.7)
      System.Text.Encoding.CodePages (>= 4.0.1)
    Microsoft.NET.StringTools (1.0)
      System.Memory (>= 4.5.4)
      System.Runtime.CompilerServices.Unsafe (>= 5.0)
    Microsoft.NETCore.Platforms (6.0.4)
    Microsoft.NETCore.Targets (5.0)
    Microsoft.Win32.Registry (5.0)
      System.Buffers (>= 4.5.1)
      System.Memory (>= 4.5.4)
      System.Security.AccessControl (>= 5.0)
      System.Security.Principal.Windows (>= 5.0)
    Mono.Posix.NETStandard (1.0)
    MSBuild.StructuredLogger (2.1.669)
      Microsoft.Build (>= 16.10)
      Microsoft.Build.Framework (>= 16.10)
      Microsoft.Build.Tasks.Core (>= 16.10)
      Microsoft.Build.Utilities.Core (>= 16.10)
    Newtonsoft.Json (13.0.1)
    NuGet.Common (6.2.1)
      NuGet.Frameworks (>= 6.2.1)
    NuGet.Configuration (6.2.1)
      NuGet.Common (>= 6.2.1)
      System.Security.Cryptography.ProtectedData (>= 4.4)
    NuGet.Frameworks (6.2.1)
    NuGet.Packaging (6.2.1)
      Newtonsoft.Json (>= 13.0.1)
      NuGet.Configuration (>= 6.2.1)
      NuGet.Versioning (>= 6.2.1)
      System.Security.Cryptography.Cng (>= 5.0)
      System.Security.Cryptography.Pkcs (>= 5.0)
    NuGet.Protocol (6.2.1)
      NuGet.Packaging (>= 6.2.1)
    NuGet.Versioning (6.2.1)
    System.Buffers (4.5.1)
    System.CodeDom (6.0)
    System.Collections.Immutable (6.0)
      System.Memory (>= 4.5.4)
      System.Runtime.CompilerServices.Unsafe (>= 6.0)
    System.Configuration.ConfigurationManager (6.0)
      System.Security.Cryptography.ProtectedData (>= 6.0)
      System.Security.Permissions (>= 6.0)
    System.Formats.Asn1 (6.0)
      System.Buffers (>= 4.5.1)
      System.Memory (>= 4.5.4)
    System.Memory (4.5.5)
      System.Buffers (>= 4.5.1)
      System.Numerics.Vectors (>= 4.4)
      System.Runtime.CompilerServices.Unsafe (>= 4.5.3)
    System.Numerics.Vectors (4.5)
    System.Reactive (5.0)
      System.Runtime.InteropServices.WindowsRuntime (>= 4.3)
      System.Threading.Tasks.Extensions (>= 4.5.4)
    System.Reflection.Metadata (6.0.1)
      System.Collections.Immutable (>= 6.0)
    System.Resources.Extensions (6.0)
      System.Memory (>= 4.5.4)
    System.Runtime (4.3.1)
      Microsoft.NETCore.Platforms (>= 1.1.1)
      Microsoft.NETCore.Targets (>= 1.1.3)
    System.Runtime.CompilerServices.Unsafe (6.0)
    System.Runtime.InteropServices.WindowsRuntime (4.3)
      System.Runtime (>= 4.3)
    System.Security.AccessControl (6.0)
      System.Security.Principal.Windows (>= 5.0)
    System.Security.Cryptography.Cng (5.0)
    System.Security.Cryptography.Pkcs (6.0.1)
      System.Buffers (>= 4.5.1)
      System.Formats.Asn1 (>= 6.0)
      System.Memory (>= 4.5.4)
      System.Security.Cryptography.Cng (>= 5.0)
    System.Security.Cryptography.ProtectedData (6.0)
      System.Memory (>= 4.5.4)
    System.Security.Cryptography.Xml (6.0)
      System.Memory (>= 4.5.4)
      System.Security.AccessControl (>= 6.0)
      System.Security.Cryptography.Pkcs (>= 6.0)
    System.Security.Permissions (6.0)
      System.Security.AccessControl (>= 6.0)
    System.Security.Principal.Windows (5.0)
    System.Text.Encoding.CodePages (6.0)
      System.Memory (>= 4.5.4)
      System.Runtime.CompilerServices.Unsafe (>= 6.0)
    System.Text.Encodings.Web (6.0)
      System.Buffers (>= 4.5.1)
      System.Memory (>= 4.5.4)
      System.Runtime.CompilerServices.Unsafe (>= 6.0)
    System.Text.Json (6.0.5)
      Microsoft.Bcl.AsyncInterfaces (>= 6.0)
      System.Buffers (>= 4.5.1)
      System.Memory (>= 4.5.4)
      System.Numerics.Vectors (>= 4.5)
      System.Runtime.CompilerServices.Unsafe (>= 6.0)
      System.Text.Encodings.Web (>= 6.0)
      System.Threading.Tasks.Extensions (>= 4.5.4)
    System.Threading.Tasks.Dataflow (6.0)
    System.Threading.Tasks.Extensions (4.5.4)
      System.Runtime.CompilerServices.Unsafe (>= 4.5.3)
